{
  "PowerLineFrequency": 50,
  "SoftwareFilters": {
    "FilterDescription": {
      "Description": "n/a"
    }
  },
  "ManufacturersModelName": "ActiveTwo",
  "Manufacturer": "BioSemi",
  "EEGPlacementScheme": "10-20",
  "EEGReference": "common",
  "CapManufacturer": "EasyCap",
  "InstitutionAddress": "Magdeburg; Marburg, Germany; London, UK",
  "InstitutionalDepartmentName": "Behavioral Neurology; Psychology",
  "InstitutionName": "Leibniz Institute for Neurobiology; University of Marburg; Goldsmiths, University of London",
  "TaskName": "task",
  "EEGChannelCount": 66,
  "RecordingType": "continuous",
  "RecordingDuration": 4727,
  "SamplingFrequency": 1024,
  "EOGChannelCount": 0,
  "ECGChannelCount": 0,
  "EMGChannelCount": 0
}